GEM
  remote: http://rubygems.org/
  specs:
    activesupport (3.0.0)
    builder (2.1.2)
    commonwatir (1.6.5)
      user-choices
    cucumber (0.8.5)
      builder (~> 2.1.2)
      diff-lcs (~> 1.1.2)
      gherkin (~> 2.1.4)
      json_pure (~> 1.4.3)
      term-ansicolor (~> 1.0.4)
    diff-lcs (1.1.2)
    firewatir (1.6.5)
      activesupport
      commonwatir (= 1.6.5)
    gherkin (2.1.5)
      trollop (~> 1.16.2)
    hoe (2.6.2)
      rake (>= 0.8.7)
      rubyforge (>= 2.0.4)
    json_pure (1.4.6)
    rack (1.2.1)
    rake (0.8.7)
    rubyforge (2.0.4)
      json_pure (>= 1.1.7)
    s4t-utils (1.0.4)
      hoe (>= 1.3.0)
    safariwatir (0.3.8)
    sinatra (1.0)
      rack (>= 1.0)
    term-ansicolor (1.0.5)
    trollop (1.16.2)
    user-choices (1.1.6.1)
      builder (>= 2.1.2)
      s4t-utils (>= 1.0.3)
      xml-simple (>= 1.0.11)
    xml-simple (1.0.12)

PLATFORMS
  ruby

DEPENDENCIES
  cucumber (~> 0.8.5)
  firewatir (~> 1.6.5)
  safariwatir (~> 0.3.8)
  sinatra (~> 1.0.0)
